PATH
  remote: .
  specs:
    health_check (1.0)
      rack

GEM
  remote: https://rubygems.org/
  specs:
    diff-lcs (1.3)
    rack (3.0.7)
    rack-test (0.6.3)
      rack (>= 1.0)
    rake (10.5.0)
    rspec (3.2.0)
      rspec-core (~> 3.2.0)
      rspec-expectations (~> 3.2.0)
      rspec-mocks (~> 3.2.0)
    rspec-core (3.2.3)
      rspec-support (~> 3.2.0)
    rspec-expectations (3.2.1)
      diff-lcs (>= 1.2.0, < 2.0)
      rspec-support (~> 3.2.0)
    rspec-mocks (3.2.1)
      diff-lcs (>= 1.2.0, < 2.0)
      rspec-support (~> 3.2.0)
    rspec-support (3.2.2)
    rspec_junit_formatter (0.6.0)
      rspec-core (>= 2, < 4, != 2.12.0)
    rubocop-junit-formatter (0.1.4)

PLATFORMS
  ruby

DEPENDENCIES
  bundler (~> 1.7)
  health_check!
  rack-test (~> 0.6.3)
  rake (~> 10.0)
  rspec (~> 3.2.0)
  rspec_junit_formatter (~> 0.3)
  rubocop-junit-formatter (~> 0.1)

BUNDLED WITH
   1.17.1
